GEM
  remote: https://rubygems.org/
  specs:
    builder (3.2.2)
    childprocess (0.3.9)
      ffi (~> 1.0, >= 1.0.11)
    cucumber (1.3.4)
      builder (>= 2.1.2)
      diff-lcs (>= 1.1.3)
      gherkin (~> 2.12.0)
      multi_json (~> 1.7.5)
      multi_test (~> 0.0.1)
    data_magic (0.15.2)
      faker (>= 1.1.2)
      yml_reader (>= 0.2)
    diff-lcs (1.2.4)
    faker (1.2.0)
      i18n (~> 0.5)
    ffi (1.9.0-x86-mingw32)
    gherkin (2.12.0-x86-mingw32)
      multi_json (~> 1.3)
    i18n (0.6.5)
    mini_magick (3.5.0)
      subexec (~> 0.2.1)
    mohawk (0.0.8)
      childprocess (~> 0.3.9)
      page_navigation (>= 0.7)
      rautomation (~> 0.11.0)
      require_all
    multi_json (1.7.7)
    multi_test (0.0.2)
    page_navigation (0.9)
      data_magic (>= 0.14)
    rake (10.0.4)
    rautomation (0.11.0)
      ffi
    require_all (1.2.1)
    rspec (2.14.1)
      rspec-core (~> 2.14.0)
      rspec-expectations (~> 2.14.0)
      rspec-mocks (~> 2.14.0)
    rspec-core (2.14.3)
    rspec-expectations (2.14.0)
      diff-lcs (>= 1.1.3, < 2.0)
    rspec-mocks (2.14.1)
    subexec (0.2.3)
    win32screenshot (1.0.8)
      ffi (~> 1.0)
      mini_magick (~> 3.2)
      rautomation (~> 0.7)
    yml_reader (0.2)

PLATFORMS
  x86-mingw32

DEPENDENCIES
  cucumber
  mohawk (~> 0.0.8)
  rake
  require_all
  rspec
  win32screenshot
